GEM
  remote: http://rubygems.org/
  specs:
    allocation_stats (0.1.5)
    ast (2.4.0)
    jaro_winkler (1.5.4)
    minitest (5.14.0)
    mocha (1.11.2)
    parallel (1.19.1)
    parser (2.7.0.3)
      ast (~> 2.4.0)
    power_assert (1.1.6)
    rainbow (3.0.0)
    rake (13.0.1)
    rdoc (6.2.1)
    rexml (3.2.5)
    rubocop (0.80.1)
      jaro_winkler (~> 1.5.1)
      parallel (~> 1.10)
      parser (>= 2.7.0.1)
      rainbow (>= 2.2.2, < 4.0)
      rexml
      ruby-progressbar (~> 1.7)
      unicode-display_width (>= 1.4.0, < 1.7)
    ruby-progressbar (1.10.1)
    test-unit (3.3.5)
      power_assert
    unicode-display_width (1.6.1)

PLATFORMS
  ruby

DEPENDENCIES
  allocation_stats
  minitest
  mocha
  rake
  rdoc
  rubocop
  test-unit

BUNDLED WITH
   2.1.4
