GEM
  remote: http://rubygems.org/
  specs:
    allocation_stats (0.1.5)
    ast (2.4.2)
    json (2.7.2)
    language_server-protocol (3.17.0.3)
    minitest (5.25.1)
    mocha (2.4.5)
      ruby2_keywords (>= 0.0.5)
    parallel (1.26.3)
    parser (3.3.5.0)
      ast (~> 2.4.1)
      racc
    power_assert (2.0.4)
    psych (5.1.2)
      stringio
    racc (1.8.1)
    rainbow (3.1.1)
    rake (13.2.1)
    rdoc (6.7.0)
      psych (>= 4.0.0)
    regexp_parser (2.9.2)
    rubocop (1.66.1)
      json (~> 2.3)
      language_server-protocol (>= 3.17.0)
      parallel (~> 1.10)
      parser (>= 3.3.0.2)
      rainbow (>= 2.2.2, < 4.0)
      regexp_parser (>= 2.4, < 3.0)
      rubocop-ast (>= 1.32.2, < 2.0)
      ruby-progressbar (~> 1.7)
      unicode-display_width (>= 2.4.0, < 3.0)
    rubocop-ast (1.32.3)
      parser (>= 3.3.1.0)
    ruby-progressbar (1.13.0)
    ruby2_keywords (0.0.5)
    stringio (3.1.1)
    test-unit (3.6.2)
      power_assert
    unicode-display_width (2.6.0)

PLATFORMS
  ruby

DEPENDENCIES
  allocation_stats
  minitest
  mocha
  rake
  rdoc
  rubocop
  test-unit

BUNDLED WITH
   2.2.28
